GEM
  remote: https://rubygems.org/
  specs:
    colorator (0.1)
    css_press (0.3.2)
      csspool-st (= 3.1.2)
      json
    csspool-st (3.1.2)
    execjs (2.6.0)
    ffi (1.9.10)
    html_press (0.8.2)
      htmlentities
      multi_css (>= 0.1.0)
      multi_js (>= 0.1.0)
    htmlentities (4.3.4)
    jekyll (3.1.2)
      colorator (~> 0.1)
      jekyll-sass-converter (~> 1.0)
      jekyll-watch (~> 1.1)
      kramdown (~> 1.3)
      liquid (~> 3.0)
      mercenary (~> 0.3.3)
      rouge (~> 1.7)
      safe_yaml (~> 1.0)
    jekyll-feed (0.4.0)
    jekyll-sass-converter (1.4.0)
      sass (~> 3.4)
    jekyll-srcset (0.1.3)
      jekyll (> 2)
      rmagick
    jekyll-watch (1.3.1)
      listen (~> 3.0)
    json (1.8.3)
    kramdown (1.10.0)
    liquid (3.0.6)
    listen (3.0.6)
      rb-fsevent (>= 0.9.3)
      rb-inotify (>= 0.9.7)
    mercenary (0.3.5)
    multi_css (0.1.0)
      css_press
    multi_js (0.1.0)
      uglifier (~> 2)
    octopress-hooks (2.6.1)
      jekyll (>= 2.0)
    octopress-minify-html (1.3.1)
      html_press (~> 0.8)
      jekyll (>= 2.0)
      octopress-hooks
    rb-fsevent (0.9.7)
    rb-inotify (0.9.7)
      ffi (>= 0.5.0)
    redcarpet (3.3.4)
    rmagick (2.15.4)
    rouge (1.10.1)
    safe_yaml (1.0.4)
    sass (3.4.21)
    uglifier (2.7.2)
      execjs (>= 0.3.0)
      json (>= 1.8.0)

PLATFORMS
  ruby

DEPENDENCIES
  jekyll (~> 3.1, >= 3.1.2)
  jekyll-feed
  jekyll-srcset (= 0.1.3)
  octopress-minify-html
  redcarpet
